PATH
  remote: .
  specs:
    async-worker (0.1.0)
      async (~> 1.0)
      async-io (~> 1.3)

GEM
  remote: https://rubygems.org/
  specs:
    ast (2.4.0)
    async (1.24.1)
      console (~> 1.0)
      nio4r (~> 2.3)
      timers (~> 4.1)
    async-http (0.50.0)
      async (~> 1.23)
      async-io (~> 1.27.0)
      async-pool (~> 0.2)
      protocol-http (~> 0.13.0)
      protocol-http1 (~> 0.10.0)
      protocol-http2 (~> 0.10.0)
    async-io (1.27.1)
      async (~> 1.14)
    async-pool (0.2.0)
      async (~> 1.8)
    async-rest (0.12.1)
      async-http (~> 0.42)
      protocol-http (~> 0.7)
    async-rspec (1.14.0)
      rspec (~> 3.0)
      rspec-files (~> 1.0)
      rspec-memory (~> 1.0)
    console (1.7.0)
    covered (0.13.1)
      async-rest
      console (~> 1.0)
      msgpack
      parser
    diff-lcs (1.3)
    msgpack (1.3.1)
    nio4r (2.5.2)
    parser (2.7.0.2)
      ast (~> 2.4.0)
    protocol-hpack (1.4.1)
    protocol-http (0.13.0)
    protocol-http1 (0.10.0)
      protocol-http (~> 0.13)
    protocol-http2 (0.10.4)
      protocol-hpack (~> 1.4)
      protocol-http (~> 0.2)
    rake (12.3.3)
    rspec (3.9.0)
      rspec-core (~> 3.9.0)
      rspec-expectations (~> 3.9.0)
      rspec-mocks (~> 3.9.0)
    rspec-core (3.9.1)
      rspec-support (~> 3.9.1)
    rspec-expectations (3.9.0)
      diff-lcs (>= 1.2.0, < 2.0)
      rspec-support (~> 3.9.0)
    rspec-files (1.0.2)
      rspec (~> 3.0)
    rspec-memory (1.0.1)
      rspec (~> 3.0)
    rspec-mocks (3.9.1)
      diff-lcs (>= 1.2.0, < 2.0)
      rspec-support (~> 3.9.0)
    rspec-support (3.9.2)
    timers (4.3.0)

PLATFORMS
  ruby

DEPENDENCIES
  async-rspec (~> 1.0)
  async-worker!
  bundler
  covered
  rake (~> 12.3)
  rspec (~> 3.0)

BUNDLED WITH
   1.17.3
